GEM
  remote: https://rubygems.org/
  specs:
    colorize (1.1.0)
    ruby2d (0.12.1)

PLATFORMS
  ruby
  x86_64-linux

DEPENDENCIES
  colorize (~> 1.1)
  ruby2d (~> 0.12.1)

BUNDLED WITH
   2.6.2
